GEM
  remote: https://rubygems.org/
  specs:
    diff-lcs (1.5.0)
    fileutils (1.6.0)
    optparse (0.2.0)
    rainbow (3.1.1)
    rspec (3.11.0)
      rspec-core (~> 3.11.0)
      rspec-expectations (~> 3.11.0)
      rspec-mocks (~> 3.11.0)
    rspec-core (3.11.0)
      rspec-support (~> 3.11.0)
    rspec-expectations (3.11.0)
      diff-lcs (>= 1.2.0, < 2.0)
      rspec-support (~> 3.11.0)
    rspec-mocks (3.11.0)
      diff-lcs (>= 1.2.0, < 2.0)
      rspec-support (~> 3.11.0)
    rspec-support (3.11.0)
    shellwords (0.1.0)
    tty-font (0.5.0)

PLATFORMS
  arm64-darwin-21

DEPENDENCIES
  fileutils (~> 1.6)
  optparse (~> 0.2.0)
  rainbow (~> 3.1)
  rspec (~> 3.11)
  shellwords (~> 0.1.0)
  tty-font (~> 0.5.0)

BUNDLED WITH
   2.3.9
