GEM
  remote: https://rubygems.org/
  specs:
    diff-lcs (1.5.0)
    equatable (0.5.0)
    necromancer (0.3.0)
    pastel (0.6.1)
      equatable (~> 0.5.0)
      tty-color (~> 0.3.0)
    rainbow (3.1.1)
    rspec (3.11.0)
      rspec-core (~> 3.11.0)
      rspec-expectations (~> 3.11.0)
      rspec-mocks (~> 3.11.0)
    rspec-core (3.11.0)
      rspec-support (~> 3.11.0)
    rspec-expectations (3.11.0)
      diff-lcs (>= 1.2.0, < 2.0)
      rspec-support (~> 3.11.0)
    rspec-mocks (3.11.0)
      diff-lcs (>= 1.2.0, < 2.0)
      rspec-support (~> 3.11.0)
    rspec-support (3.11.0)
    tty-color (0.3.0)
    tty-cursor (0.3.0)
    tty-font (0.5.0)
    tty-platform (0.1.0)
    tty-prompt (0.6.0)
      necromancer (~> 0.3.0)
      pastel (~> 0.6.0)
      tty-cursor (~> 0.3.0)
      tty-platform (~> 0.1.0)
      wisper (~> 1.6.1)
    wisper (1.6.1)

PLATFORMS
  arm64-darwin-21

DEPENDENCIES
  rainbow (~> 3.1)
  rspec (~> 3.11)
  tty-font (~> 0.5.0)
  tty-prompt

BUNDLED WITH
   2.3.9
